GIT
  remote: https://github.com/cloudfoundry/bosh-cpi-ruby.git
  revision: fb2d7fbe1bfb79e6bb8f33e19d9454c4c413a26b
  branch: external-cpi-refactor
  specs:
    bosh_cpi (2.4.2)
      httpclient (~> 2.8.3)
      membrane (~> 1.1.0)

GEM
  remote: https://rubygems.org/
  specs:
    addressable (2.5.2)
      public_suffix (>= 2.0.2, < 4.0)
    aws-sdk (2.10.71)
      aws-sdk-resources (= 2.10.71)
    aws-sdk-core (2.10.71)
      aws-sigv4 (~> 1.0)
      jmespath (~> 1.0)
    aws-sdk-resources (2.10.71)
      aws-sdk-core (= 2.10.71)
    aws-sigv4 (1.0.2)
    bosh_common (1.3262.24.0)
      logging (~> 1.8.2)
      semi_semantic (~> 1.2.0)
    byebug (9.1.0)
    coderay (1.1.2)
    crack (0.4.3)
      safe_yaml (~> 1.0.0)
    diff-lcs (1.3)
    hashdiff (0.3.7)
    httpclient (2.8.3)
    jmespath (1.3.1)
    little-plugger (1.1.4)
    logging (1.8.2)
      little-plugger (>= 1.1.3)
      multi_json (>= 1.8.4)
    membrane (1.1.0)
    method_source (0.9.0)
    multi_json (1.12.2)
    netaddr (1.5.1)
    pry (0.11.2)
      coderay (~> 1.1.0)
      method_source (~> 0.9.0)
    pry-byebug (3.5.0)
      byebug (~> 9.1)
      pry (~> 0.10)
    public_suffix (3.0.0)
    rake (12.1.0)
    rspec (3.7.0)
      rspec-core (~> 3.7.0)
      rspec-expectations (~> 3.7.0)
      rspec-mocks (~> 3.7.0)
    rspec-core (3.7.0)
      rspec-support (~> 3.7.0)
    rspec-expectations (3.7.0)
      diff-lcs (>= 1.2.0, < 2.0)
      rspec-support (~> 3.7.0)
    rspec-mocks (3.7.0)
      diff-lcs (>= 1.2.0, < 2.0)
      rspec-support (~> 3.7.0)
    rspec-support (3.7.0)
    safe_yaml (1.0.4)
    semi_semantic (1.2.0)
    webmock (3.1.0)
      addressable (>= 2.3.6)
      crack (>= 0.3.2)
      hashdiff

PLATFORMS
  ruby

DEPENDENCIES
  aws-sdk (~> 2.10)
  bosh_common (= 1.3262.24.0)
  bosh_cpi!
  netaddr
  pry-byebug (~> 3.4)
  rake (~> 12.0)
  rspec (~> 3.5)
  webmock

BUNDLED WITH
   1.16.1
